PATH
  remote: .
  specs:
    puppet2chef (0.0.1)

GEM
  remote: https://rubygems.org/
  specs:
    bundler-unload (1.0.1)
    chef (11.4.4)
      erubis
      highline (>= 1.6.9)
      json (>= 1.4.4, <= 1.7.7)
      mixlib-authentication (>= 1.3.0)
      mixlib-cli (~> 1.3.0)
      mixlib-config (>= 1.1.2)
      mixlib-log (>= 1.3.0)
      mixlib-shellout
      net-ssh (~> 2.6)
      net-ssh-multi (~> 1.1.0)
      ohai (>= 0.6.0)
      rest-client (>= 1.0.4, < 1.7.0)
      yajl-ruby (~> 1.1)
    erubis (2.7.0)
    facter (1.7.2)
    hiera (1.2.1)
      json_pure
    highline (1.6.19)
    ipaddress (0.8.0)
    json (1.7.7)
    json_pure (1.8.0)
    mime-types (1.23)
    mixlib-authentication (1.3.0)
      mixlib-log
    mixlib-cli (1.3.0)
    mixlib-config (1.1.2)
    mixlib-log (1.6.0)
    mixlib-shellout (1.1.0)
    net-ssh (2.6.8)
    net-ssh-gateway (1.2.0)
      net-ssh (>= 2.6.5)
    net-ssh-multi (1.1)
      net-ssh (>= 2.1.4)
      net-ssh-gateway (>= 0.99.0)
    ohai (6.16.0)
      ipaddress
      mixlib-cli
      mixlib-config
      mixlib-log
      mixlib-shellout
      systemu
      yajl-ruby
    puppet (3.2.3)
      facter (~> 1.6)
      hiera (~> 1.0)
      rgen (~> 0.6.5)
    rake (10.1.0)
    rest-client (1.6.7)
      mime-types (>= 1.16)
    rgen (0.6.5)
    rubygems-bundler (1.2.2)
      bundler-unload (>= 1.0.1)
    systemu (2.5.2)
    yajl-ruby (1.1.0)

PLATFORMS
  ruby

DEPENDENCIES
  bundler (~> 1.3)
  chef (>= 11.4.0)
  puppet (>= 2.7.0)
  puppet2chef!
  rake
  rubygems-bundler
