PATH
  remote: .
  specs:
    puppet2chef (0.0.1)

GEM
  remote: https://rubygems.org/
  specs:
    bundler-unload (1.0.1)
    rake (10.1.0)
    rubygems-bundler (1.2.2)
      bundler-unload (>= 1.0.1)

PLATFORMS
  ruby

DEPENDENCIES
  bundler (~> 1.3)
  puppet2chef!
  rake
  rubygems-bundler
